GEM
  remote: https://rubygems.org/
  specs:
    ast (2.4.0)
    blockenspiel (0.5.0)
    coderay (1.1.2)
    colorize (0.8.1)
    commander (4.4.3)
      highline (~> 1.7.2)
    diffy (3.2.0)
    highline (1.7.8)
    inquirer (0.2.1)
      term-ansicolor (>= 1.2.2)
    method_source (0.9.0)
    mime-types (3.1)
      mime-types-data (~> 3.2015)
    mime-types-data (3.2016.0521)
    parallel (1.12.1)
    parser (2.4.0.2)
      ast (~> 2.3)
    powerpack (0.1.1)
    pry (0.11.2)
      coderay (~> 1.1.0)
      method_source (~> 0.9.0)
    rainbow (2.2.2)
      rake
    rake (12.3.0)
    rubocop (0.49.1)
      parallel (~> 1.10)
      parser (>= 2.3.3.1, < 3.0)
      powerpack (~> 0.1)
      rainbow (>= 1.99.1, < 3.0)
      ruby-progressbar (~> 1.7)
      unicode-display_width (~> 1.0, >= 1.0.1)
    ruby-progressbar (1.9.0)
    term-ansicolor (1.6.0)
      tins (~> 1.0)
    terminal-table (1.8.0)
      unicode-display_width (~> 1.1, >= 1.1.1)
    tins (1.15.0)
    unicode-display_width (1.3.0)
    versionomy (0.5.0)
      blockenspiel (~> 0.5)

PLATFORMS
  ruby

DEPENDENCIES
  colorize
  commander
  diffy
  inquirer
  mime-types
  pry
  rubocop (~> 0.49.0)
  terminal-table
  versionomy

BUNDLED WITH
   1.16.0
